GEM
  remote: https://rubygems.org/
  specs:
    colorputs (0.2.3)

PLATFORMS
  ruby

DEPENDENCIES
  colorputs

BUNDLED WITH
   1.12.5
